GEM
  remote: http://rubygems.org/
  specs:
    coderay (1.0.9)
    formatador (0.2.4)
    guard (1.7.0)
      formatador (>= 0.2.4)
      listen (>= 0.6.0)
      lumberjack (>= 1.0.2)
      pry (>= 0.9.10)
      thor (>= 0.14.6)
    guard-sass (1.0.4)
      guard (>= 1.1.0)
      sass (>= 3.1)
    guard-unicorn (0.0.8)
      guard (>= 1.1)
    kgio (2.8.0)
    listen (0.7.3)
    lumberjack (1.0.3)
    method_source (0.8.1)
    pry (0.9.12)
      coderay (~> 1.0.5)
      method_source (~> 0.8)
      slop (~> 3.4)
    rack (1.5.2)
    rack-contrib (1.1.0)
      rack (>= 0.9.1)
    raindrops (0.10.0)
    sass (3.2.7)
    slop (3.4.4)
    thor (0.18.1)
    unicorn (4.6.2)
      kgio (~> 2.6)
      rack
      raindrops (~> 0.7)

PLATFORMS
  ruby

DEPENDENCIES
  guard
  guard-sass
  guard-unicorn
  rack
  rack-contrib
  unicorn
